GEM
  remote: http://rubygems.org/
  specs:
    albacore (0.2.7)
      rubyzip (~> 0.9)
    rack (1.3.1)
    rubyzip (0.9.4)
    sinatra (1.2.6)
      rack (~> 1.1)
      tilt (< 2.0, >= 1.2.2)
    tilt (1.3.2)

PLATFORMS
  x86-mingw32

DEPENDENCIES
  albacore
  sinatra
